PATH
  remote: .
  specs:
    maxcdn (0.4.0)
      addressable (~> 2.4)
      faraday (~> 0.9)
      net-http-persistent (~> 2.9)
      signet (~> 0.7)

GEM
  remote: https://rubygems.org/
  specs:
    addressable (2.7.0)
      public_suffix (>= 2.0.2, < 5.0)
    ansi (1.5.0)
    builder (3.2.4)
    coderay (1.1.3)
    crack (0.4.5)
      rexml
    faraday (0.17.4)
      multipart-post (>= 1.2, < 3)
    hashdiff (1.0.1)
    jwt (2.2.3)
    method_source (1.0.0)
    minitest (5.14.4)
    minitest-reporters (1.4.3)
      ansi
      builder
      minitest (>= 5.0)
      ruby-progressbar
    multi_json (1.15.0)
    multipart-post (2.1.1)
    net-http-persistent (2.9.4)
    pry (0.14.1)
      coderay (~> 1.1)
      method_source (~> 1.0)
    public_suffix (4.0.6)
    rake (13.0.3)
    rexml (3.2.5)
    ruby-progressbar (1.11.0)
    signet (0.15.0)
      addressable (~> 2.3)
      faraday (>= 0.17.3, < 2.0)
      jwt (>= 1.5, < 3.0)
      multi_json (~> 1.10)
    webmock (3.13.0)
      addressable (>= 2.3.6)
      crack (>= 0.3.2)
      hashdiff (>= 0.4.0, < 2.0.0)

PLATFORMS
  x86_64-darwin-20

DEPENDENCIES
  maxcdn!
  minitest
  minitest-reporters
  pry
  rake
  webmock

BUNDLED WITH
   2.2.20
